GEM
  remote: https://rubygems.org/
  specs:
    coderay (1.1.2)
    httparty (0.15.7)
      multi_xml (>= 0.5.2)
    method_source (0.9.0)
    multi_xml (0.6.0)
    pry (0.11.3)
      coderay (~> 1.1.0)
      method_source (~> 0.9.0)

PLATFORMS
  x64-mingw32

DEPENDENCIES
  httparty
  pry

BUNDLED WITH
   1.16.1
